GEM
  remote: http://rubygems.org/
  specs:
    json (1.4.6)
    trollop (1.16.2)

PLATFORMS
  ruby

DEPENDENCIES
  json
  trollop
